GEM
  specs:
    date (3.3.4)
    nokogiri (1.16.5-arm64-darwin)
      racc (~> 1.4)
    open-uri (0.1.0)
      stringio
      time
      uri
    racc (1.8.0)
    stringio (3.1.0)
    time (0.1.0)
      date
    uri (0.10.1)

PLATFORMS
  arm64-darwin-21

DEPENDENCIES
  nokogiri
  open-uri

BUNDLED WITH
   2.3.15
