GEM
  remote: https://rubygems.org/
  specs:
    base64 (0.3.0)
    csv (3.3.5)
    date (3.4.1)
    diff-lcs (1.6.2)
    dotenv (3.1.8)
    ffi (1.17.2-arm64-darwin)
    json (2.13.2)
    logger (1.7.0)
    memo_wise (1.13.0)
    nokogiri (1.18.10-arm64-darwin)
      racc (~> 1.4)
    open-uri (0.5.0)
      stringio
      time
      uri
    paint (2.3.0)
    prism (1.4.0)
    racc (1.8.1)
    rexml (3.4.4)
    rspec (3.13.1)
      rspec-core (~> 3.13.0)
      rspec-expectations (~> 3.13.0)
      rspec-mocks (~> 3.13.0)
    rspec-core (3.13.5)
      rspec-support (~> 3.13.0)
    rspec-expectations (3.13.5)
      diff-lcs (>= 1.2.0, < 2.0)
      rspec-support (~> 3.13.0)
    rspec-mocks (3.13.5)
      diff-lcs (>= 1.2.0, < 2.0)
      rspec-support (~> 3.13.0)
    rspec-support (3.13.6)
    rubyzip (3.1.1)
    selenium-webdriver (4.36.0)
      base64 (~> 0.2)
      json (<= 2.13.2)
      logger (~> 1.4)
      prism (~> 1.0, < 1.5)
      rexml (~> 3.2, >= 3.2.5)
      rubyzip (>= 1.2.2, < 4.0)
      websocket (~> 1.0)
    stringio (3.1.7)
    table_tennis (0.0.7)
      csv (~> 3.3)
      ffi (~> 1.17)
      memo_wise (~> 1.11)
      paint (~> 2.3)
      unicode-display_width (~> 3.1)
    time (0.4.1)
      date
    unicode-display_width (3.2.0)
      unicode-emoji (~> 4.1)
    unicode-emoji (4.1.0)
    uri (1.0.4)
    websocket (1.2.11)

PLATFORMS
  arm64-darwin-21
  arm64-darwin-24

DEPENDENCIES
  dotenv
  nokogiri
  open-uri
  rspec
  selenium-webdriver
  table_tennis

RUBY VERSION
   ruby 3.4.1p0

BUNDLED WITH
   2.3.15
